GEM
  remote: https://rubygems.org/
  specs:
    addressable (2.5.2)
      public_suffix (>= 2.0.2, < 4.0)
    backports (3.10.3)
    byebug (9.1.0)
    coderay (1.1.2)
    excon (0.59.0)
    heroku (3.99.1)
      heroku-api (= 0.4.2)
      launchy (= 2.4.3)
      multi_json (= 1.11.2)
      net-ssh (= 2.9.2)
      net-ssh-gateway (= 1.2.0)
      netrc (= 0.10.3)
      rest-client (= 1.6.8)
      rubyzip (= 1.1.7)
    heroku-api (0.4.2)
      excon (~> 0.45)
      multi_json (~> 1.8)
    launchy (2.4.3)
      addressable (~> 2.3)
    method_source (0.9.0)
    mime-types (1.25.1)
    multi_json (1.11.2)
    net-ssh (2.9.2)
    net-ssh-gateway (1.2.0)
      net-ssh (>= 2.6.5)
    netrc (0.10.3)
    pg (0.21.0)
    pry (0.11.2)
      coderay (~> 1.1.0)
      method_source (~> 0.9.0)
    pry-byebug (3.5.0)
      byebug (~> 9.1)
      pry (~> 0.10)
    public_suffix (3.0.0)
    rack (1.6.8)
    rack-protection (1.5.3)
      rack
    rack-test (0.7.0)
      rack (>= 1.0, < 3)
    rake (12.2.1)
    rdoc (5.1.0)
    rest-client (1.6.8)
      mime-types (~> 1.16)
      rdoc (>= 2.4.2)
    rubyzip (1.1.7)
    sinatra (1.4.8)
      rack (~> 1.5)
      rack-protection (~> 1.4)
      tilt (>= 1.3, < 3)
    sinatra-contrib (1.4.7)
      backports (>= 2.0)
      multi_json
      rack-protection
      rack-test
      sinatra (~> 1.4.0)
      tilt (>= 1.3, < 3)
    tilt (2.0.8)

PLATFORMS
  ruby

DEPENDENCIES
  heroku (~> 3.99, >= 3.99.1)
  pg (~> 0.21.0)
  pry-byebug (~> 3.5)
  rake (~> 12.2, >= 12.2.1)
  sinatra (~> 1.4, >= 1.4.7)
  sinatra-contrib (~> 1.4, >= 1.4.6)

BUNDLED WITH
   1.16.0.pre.3
